GEM
  remote: https://rubygems.org/
  specs:
    activesupport (5.0.7)
      concurrent-ruby (~> 1.0, >= 1.0.2)
      i18n (>= 0.7, < 2)
      minitest (~> 5.1)
      tzinfo (~> 1.1)
    addressable (2.5.2)
      public_suffix (>= 2.0.2, < 4.0)
    aws-eventstream (1.0.1)
    aws-partitions (1.105.0)
    aws-sdk-core (3.29.0)
      aws-eventstream (~> 1.0)
      aws-partitions (~> 1.0)
      aws-sigv4 (~> 1.0)
      jmespath (~> 1.0)
    aws-sdk-kms (1.9.0)
      aws-sdk-core (~> 3, >= 3.26.0)
      aws-sigv4 (~> 1.0)
    aws-sdk-s3 (1.8.2)
      aws-sdk-core (~> 3)
      aws-sdk-kms (~> 1)
      aws-sigv4 (~> 1.0)
    aws-sigv4 (1.0.3)
    backports (3.11.4)
    builder (3.2.3)
    coffee-script (2.4.1)
      coffee-script-source
      execjs
    coffee-script-source (1.12.2)
    compass-import-once (1.0.5)
      sass (>= 3.2, < 3.5)
    concurrent-ruby (1.0.5)
    contracts (0.13.0)
    dotenv (2.5.0)
    erubis (2.7.0)
    execjs (2.7.0)
    fast_blank (1.0.0)
    fastimage (2.1.4)
    ffi (1.9.25)
    haml (5.0.4)
      temple (>= 0.8.0)
      tilt
    hamster (3.0.0)
      concurrent-ruby (~> 1.0)
    hashie (3.6.0)
    i18n (0.7.0)
    jmespath (1.4.0)
    json (2.1.0)
    kramdown (1.17.0)
    listen (3.0.8)
      rb-fsevent (~> 0.9, >= 0.9.4)
      rb-inotify (~> 0.9, >= 0.9.7)
    memoist (0.16.0)
    middleman (4.2.1)
      coffee-script (~> 2.2)
      compass-import-once (= 1.0.5)
      haml (>= 4.0.5)
      kramdown (~> 1.2)
      middleman-cli (= 4.2.1)
      middleman-core (= 4.2.1)
      sass (>= 3.4.0, < 4.0)
    middleman-alias (0.0.17)
      middleman-core (>= 3.3)
    middleman-cli (4.2.1)
      thor (>= 0.17.0, < 2.0)
    middleman-core (4.2.1)
      activesupport (>= 4.2, < 5.1)
      addressable (~> 2.3)
      backports (~> 3.6)
      bundler (~> 1.1)
      contracts (~> 0.13.0)
      dotenv
      erubis
      execjs (~> 2.0)
      fast_blank
      fastimage (~> 2.0)
      hamster (~> 3.0)
      hashie (~> 3.4)
      i18n (~> 0.7.0)
      listen (~> 3.0.0)
      memoist (~> 0.14)
      padrino-helpers (~> 0.13.0)
      parallel
      rack (>= 1.4.5, < 3)
      sass (>= 3.4)
      servolux
      tilt (~> 2.0)
      uglifier (~> 3.0)
    middleman-search_engine_sitemap (1.4.0)
      builder
      middleman-core (~> 4.0)
    mime-types (3.2.2)
      mime-types-data (~> 3.2015)
    mime-types-data (3.2018.0812)
    mini_portile2 (2.3.0)
    minitest (5.11.3)
    nokogiri (1.8.4)
      mini_portile2 (~> 2.3.0)
    padrino-helpers (0.13.3.4)
      i18n (~> 0.6, >= 0.6.7)
      padrino-support (= 0.13.3.4)
      tilt (>= 1.4.1, < 3)
    padrino-support (0.13.3.4)
      activesupport (>= 3.1)
    parallel (1.12.1)
    public_suffix (3.0.3)
    rack (2.0.5)
    radiodns (0.1.3)
    rake (12.3.1)
    rb-fsevent (0.10.3)
    rb-inotify (0.9.10)
      ffi (>= 0.5.0, < 2)
    roo (2.7.1)
      nokogiri (~> 1)
      rubyzip (~> 1.1, < 2.0.0)
    rubyzip (1.2.2)
    sass (3.4.25)
    servolux (0.13.0)
    temple (0.8.0)
    thor (0.20.0)
    thread_safe (0.3.6)
    tilt (2.0.8)
    titleize (1.4.1)
    tzinfo (1.2.5)
      thread_safe (~> 0.1)
    uglifier (3.2.0)
      execjs (>= 0.3.0, < 3)
    webrick (1.4.2)

PLATFORMS
  ruby

DEPENDENCIES
  aws-sdk-s3 (~> 1.8.0)
  json
  middleman (~> 4.2)
  middleman-alias
  middleman-search_engine_sitemap
  mime-types
  nokogiri
  radiodns
  rake
  roo (~> 2.7.0)
  titleize
  webrick

BUNDLED WITH
   1.16.1
