GEM
  remote: https://rubygems.org/
  specs:
    concurrent-ruby (1.1.7)
    connection_pool (2.2.3)
    daemons (1.3.1)
    diff-lcs (1.4.4)
    docile (1.3.2)
    erubi (1.10.0)
    eventmachine (1.2.7)
    hamster (3.0.0)
      concurrent-ruby (~> 1.0)
    json (2.3.1)
    link_header (0.0.8)
    mini_portile2 (2.6.1)
    net-http-persistent (3.1.0)
      connection_pool (~> 2.2)
    nokogiri (1.12.5)
      mini_portile2 (~> 2.6.1)
      racc (~> 1.4)
    nokogiri (1.12.5-x86_64-darwin)
      racc (~> 1.4)
    racc (1.5.2)
    rack (2.2.3)
    radiodns (0.1.3)
    rake (13.0.1)
    rdf (3.1.7)
      hamster (~> 3.0)
      link_header (~> 0.0, >= 0.0.8)
    roda (3.38.0)
      rack
    roo (2.8.3)
      nokogiri (~> 1)
      rubyzip (>= 1.3.0, < 3.0.0)
    rspec (3.10.0)
      rspec-core (~> 3.10.0)
      rspec-expectations (~> 3.10.0)
      rspec-mocks (~> 3.10.0)
    rspec-core (3.10.0)
      rspec-support (~> 3.10.0)
    rspec-expectations (3.10.0)
      diff-lcs (>= 1.2.0, < 2.0)
      rspec-support (~> 3.10.0)
    rspec-mocks (3.10.0)
      diff-lcs (>= 1.2.0, < 2.0)
      rspec-support (~> 3.10.0)
    rspec-support (3.10.0)
    rubyzip (1.3.0)
    sequel (5.39.0)
    sequel-annotate (1.6.0)
      sequel (>= 4)
    shotgun (0.9.2)
      rack (>= 1.0)
    simplecov (0.20.0)
      docile (~> 1.1)
      simplecov-html (~> 0.11)
      simplecov_json_formatter (~> 0.1)
    simplecov-html (0.12.3)
    simplecov_json_formatter (0.1.2)
    sparql-client (3.1.0)
      net-http-persistent (~> 3.1)
      rdf (~> 3.1)
    sqlite3 (1.4.2)
    thin (1.8.0)
      daemons (~> 1.0, >= 1.0.9)
      eventmachine (~> 1.0, >= 1.0.4)
      rack (>= 1, < 3)
    tilt (2.0.10)
    titleize (1.4.1)
    yajl-ruby (1.4.1)

PLATFORMS
  ruby
  x86_64-darwin-18

DEPENDENCIES
  bundler (~> 2.2.0)
  erubi (~> 1.8)
  json
  nokogiri (~> 1.12)
  radiodns
  rake
  roda (~> 3.23)
  roo (~> 2.8)
  rspec (~> 3.8)
  rubyzip (~> 1.3)
  sequel (~> 5)
  sequel-annotate
  shotgun
  simplecov
  sparql-client (~> 3.1.0)
  sqlite3 (~> 1.4)
  thin (~> 1.7)
  tilt (~> 2.0)
  titleize
  yajl-ruby

BUNDLED WITH
   2.2.0
