GEM
  remote: https://rubygems.org/
  specs:
    daemons (1.2.6)
    diff-lcs (1.3)
    docile (1.3.1)
    erubi (1.7.1)
    eventmachine (1.2.7)
    json (2.1.0)
    mini_portile2 (2.3.0)
    nokogiri (1.8.5)
      mini_portile2 (~> 2.3.0)
    public_suffix (3.0.3)
    rack (2.0.6)
    radiodns (0.1.3)
    rake (12.3.1)
    roda (3.13.0)
      rack
    roo (2.7.1)
      nokogiri (~> 1)
      rubyzip (~> 1.1, < 2.0.0)
    rspec (3.7.0)
      rspec-core (~> 3.7.0)
      rspec-expectations (~> 3.7.0)
      rspec-mocks (~> 3.7.0)
    rspec-core (3.7.1)
      rspec-support (~> 3.7.0)
    rspec-expectations (3.7.0)
      diff-lcs (>= 1.2.0, < 2.0)
      rspec-support (~> 3.7.0)
    rspec-mocks (3.7.0)
      diff-lcs (>= 1.2.0, < 2.0)
      rspec-support (~> 3.7.0)
    rspec-support (3.7.1)
    rubyzip (1.2.2)
    sequel (5.13.0)
    sequel-annotate (1.3.1)
      sequel (>= 4)
    shotgun (0.9.2)
      rack (>= 1.0)
    simplecov (0.16.1)
      docile (~> 1.1)
      json (>= 1.8, < 3)
      simplecov-html (~> 0.10.0)
    simplecov-html (0.10.2)
    sqlite3 (1.3.13)
    thin (1.7.2)
      daemons (~> 1.0, >= 1.0.9)
      eventmachine (~> 1.0, >= 1.0.4)
      rack (>= 1, < 3)
    tilt (2.0.8)
    titleize (1.4.1)

PLATFORMS
  ruby

DEPENDENCIES
  bundler (= 1.13.6)
  erubi (~> 1.5)
  json
  nokogiri (~> 1.8.5)
  public_suffix
  radiodns
  rake
  roda (~> 3.12)
  roo (~> 2.7.0)
  rspec (~> 3.7.0)
  sequel (~> 5)
  sequel-annotate
  shotgun
  simplecov
  sqlite3 (~> 1.3.13)
  thin (~> 1.7.2)
  tilt (~> 2.0.6)
  titleize

BUNDLED WITH
   1.13.6
