GEM
  remote: https://rubygems.org/
  specs:
    daemons (1.3.1)
    diff-lcs (1.3)
    docile (1.3.2)
    erubi (1.9.0)
    eventmachine (1.2.7)
    json (2.3.0)
    mini_portile2 (2.4.0)
    nokogiri (1.10.9)
      mini_portile2 (~> 2.4.0)
    rack (2.2.2)
    radiodns (0.1.3)
    rake (13.0.1)
    roda (3.30.0)
      rack
    roo (2.8.3)
      nokogiri (~> 1)
      rubyzip (>= 1.3.0, < 3.0.0)
    rspec (3.9.0)
      rspec-core (~> 3.9.0)
      rspec-expectations (~> 3.9.0)
      rspec-mocks (~> 3.9.0)
    rspec-core (3.9.1)
      rspec-support (~> 3.9.1)
    rspec-expectations (3.9.1)
      diff-lcs (>= 1.2.0, < 2.0)
      rspec-support (~> 3.9.0)
    rspec-mocks (3.9.1)
      diff-lcs (>= 1.2.0, < 2.0)
      rspec-support (~> 3.9.0)
    rspec-support (3.9.2)
    rubyzip (1.3.0)
    sequel (5.31.0)
    sequel-annotate (1.4.0)
      sequel (>= 4)
    shotgun (0.9.2)
      rack (>= 1.0)
    simplecov (0.18.5)
      docile (~> 1.1)
      simplecov-html (~> 0.11)
    simplecov-html (0.12.2)
    sqlite3 (1.4.2)
    thin (1.7.2)
      daemons (~> 1.0, >= 1.0.9)
      eventmachine (~> 1.0, >= 1.0.4)
      rack (>= 1, < 3)
    tilt (2.0.10)
    titleize (1.4.1)
    yajl-ruby (1.4.1)

PLATFORMS
  ruby

DEPENDENCIES
  bundler (~> 2.1.4)
  erubi (~> 1.8)
  json
  nokogiri (~> 1.10)
  radiodns
  rake
  roda (~> 3.23)
  roo (~> 2.8)
  rspec (~> 3.8)
  rubyzip (~> 1.3)
  sequel (~> 5)
  sequel-annotate
  shotgun
  simplecov
  sqlite3 (~> 1.4)
  thin (~> 1.7)
  tilt (~> 2.0)
  titleize
  yajl-ruby

BUNDLED WITH
   2.1.4
