GEM
  remote: https://rubygems.org/
  specs:
    connection_pool (2.2.5)
    daemons (1.4.1)
    diff-lcs (1.5.0)
    docile (1.4.0)
    erubi (1.10.0)
    eventmachine (1.2.7)
    json (2.6.1)
    link_header (0.0.8)
    mini_portile2 (2.8.0)
    net-http-persistent (4.0.1)
      connection_pool (~> 2.2)
    nokogiri (1.13.6)
      mini_portile2 (~> 2.8.0)
      racc (~> 1.4)
    nokogiri (1.13.6-x86_64-linux)
      racc (~> 1.4)
    racc (1.6.0)
    rack (2.2.3)
    radiodns (0.1.3)
    rake (13.0.6)
    rdf (3.2.6)
      link_header (~> 0.0, >= 0.0.8)
    roda (3.54.0)
      rack
    roo (2.9.0)
      nokogiri (~> 1)
      rubyzip (>= 1.3.0, < 3.0.0)
    rspec (3.11.0)
      rspec-core (~> 3.11.0)
      rspec-expectations (~> 3.11.0)
      rspec-mocks (~> 3.11.0)
    rspec-core (3.11.0)
      rspec-support (~> 3.11.0)
    rspec-expectations (3.11.0)
      diff-lcs (>= 1.2.0, < 2.0)
      rspec-support (~> 3.11.0)
    rspec-mocks (3.11.0)
      diff-lcs (>= 1.2.0, < 2.0)
      rspec-support (~> 3.11.0)
    rspec-support (3.11.0)
    rubyzip (2.3.2)
    sequel (5.54.0)
    sequel-annotate (1.7.0)
      sequel (>= 4)
    shotgun (0.9.2)
      rack (>= 1.0)
    simplecov (0.21.2)
      docile (~> 1.1)
      simplecov-html (~> 0.11)
      simplecov_json_formatter (~> 0.1)
    simplecov-html (0.12.3)
    simplecov_json_formatter (0.1.4)
    sparql-client (3.2.1)
      net-http-persistent (~> 4.0, >= 4.0.1)
      rdf (~> 3.2, >= 3.2.6)
    sqlite3 (1.4.2)
    thin (1.8.1)
      daemons (~> 1.0, >= 1.0.9)
      eventmachine (~> 1.0, >= 1.0.4)
      rack (>= 1, < 3)
    tilt (2.0.10)
    titleize (1.4.1)
    yajl-ruby (1.4.1)

PLATFORMS
  -darwin-21
  x86_64-linux

DEPENDENCIES
  bundler (~> 2.3.10)
  erubi (~> 1.10)
  json
  nokogiri (~> 1.13.6)
  radiodns
  rake
  roda (~> 3.54)
  roo (~> 2.9)
  rspec (~> 3.11)
  rubyzip (~> 2.3.2)
  sequel (~> 5)
  sequel-annotate
  shotgun
  simplecov
  sparql-client (~> 3.2.1)
  sqlite3 (~> 1.4)
  thin (~> 1.8)
  tilt (~> 2.0)
  titleize
  yajl-ruby

BUNDLED WITH
   2.3.10
